REDIRECTS: ON
CONTENT: NONE
NUGET
  remote: https://www.nuget.org/api/v2
  specs:
    FSharp.Core (4.0.0.1)
    Microsoft.ApplicationInsights (2.0) - framework: >= net40
      Microsoft.Bcl.Async (>= 1.0.168) - framework: net40
      Microsoft.Diagnostics.Tracing.EventSource.Redist (>= 1.1.24) - framework: net40
    Microsoft.ApplicationInsights.Agent.Intercept (1.2.1) - framework: >= net40
      Microsoft.Diagnostics.Tracing.EventSource.Redist (>= 1.1.24) - framework: net40
    Microsoft.ApplicationInsights.DependencyCollector (2.0) - framework: >= net40
      Microsoft.ApplicationInsights (2.0) - framework: >= net40
      Microsoft.ApplicationInsights.Agent.Intercept (>= 1.2.1) - framework: >= net40
    Microsoft.ApplicationInsights.PerfCounterCollector (2.0) - framework: >= net40
      Microsoft.ApplicationInsights (>= 2.0) - framework: net40
      Microsoft.ApplicationInsights (2.0) - framework: >= net45
      Microsoft.Diagnostics.Tracing.EventSource.Redist (>= 1.1.24) - framework: net40
    Microsoft.ApplicationInsights.WindowsServer (2.0)
      Microsoft.ApplicationInsights (2.0) - framework: >= net40
      Microsoft.ApplicationInsights.DependencyCollector (>= 2.0) - framework: >= net40
      Microsoft.ApplicationInsights.PerfCounterCollector (>= 2.0) - framework: >= net40
      Microsoft.ApplicationInsights.WindowsServer.TelemetryChannel (2.0) - framework: >= net40
      Microsoft.Diagnostics.Tracing.EventSource.Redist (>= 1.1.24) - framework: net40
    Microsoft.ApplicationInsights.WindowsServer.TelemetryChannel (2.0) - framework: >= net40
      Microsoft.ApplicationInsights (2.0) - framework: >= net40
      Microsoft.Diagnostics.Tracing.EventSource.Redist (>= 1.1.24) - framework: net40
    Microsoft.Bcl (1.1.10) - framework: net40
      Microsoft.Bcl.Build (>= 1.0.14)
    Microsoft.Bcl.Async (1.0.168) - framework: net40
      Microsoft.Bcl (>= 1.1.8)
    Microsoft.Bcl.Build (1.0.21) - import_targets: false, framework: net40
    Microsoft.Diagnostics.Tracing.EventSource.Redist (1.1.28) - framework: net40
    Suave (1.1.2)
      FSharp.Core (>= 3.1.2.5)
